GEM
  remote: http://rubygems.org/
  specs:
    Platform (0.4.0)
    amqp (0.6.7)
      eventmachine (>= 0.12.4)
    archive-tar-minitar (0.5.2)
    builder (3.0.0)
    cucumber (1.0.6)
      builder (>= 2.1.2)
      diff-lcs (>= 1.1.2)
      gherkin (~> 2.4.18)
      json (>= 1.4.6)
      term-ansicolor (>= 1.0.6)
    cucumber-nagios (0.9.2)
      amqp (= 0.6.7)
      bundler (~> 1.0.7)
      cucumber (>= 0.10.0)
      mechanize (= 1.0.0)
      net-ssh (~> 2.1.0)
      rspec (>= 2.3.0)
      templater (>= 1.0.0)
      webrat (= 0.7.2)
    cucumber-puppet (0.3.6)
      cucumber
      gem-man
      templater
    diff-lcs (1.1.3)
    erubis (2.7.0)
    eventmachine (0.12.10)
    extlib (0.9.15)
    facter (1.6.4)
    ffi (1.0.11)
    gem-man (0.3.0)
    gherkin (2.4.21)
      json (>= 1.4.6)
    growl (1.0.3)
    guard (0.8.8)
      thor (~> 0.14.6)
    guard-cucumber (0.7.4)
      cucumber (>= 0.10)
      guard (>= 0.8.3)
    guard-rspec (0.5.9)
      guard (>= 0.8.4)
    guard-shell (0.1.1)
      guard (>= 0.2.0)
    highline (1.6.8)
    i18n (0.6.0)
    json (1.5.4)
    mechanize (1.0.0)
      nokogiri (>= 1.2.1)
    net-scp (1.0.4)
      net-ssh (>= 1.99.1)
    net-ssh (2.1.4)
    nokogiri (1.5.0)
    open4 (1.3.0)
    popen4 (0.1.2)
      Platform (>= 0.4.0)
      open4 (>= 0.4.0)
    progressbar (0.9.2)
    puppet (2.7.9)
      facter (>= 1.5.1)
    puppet-lint (0.1.7)
    puppet-module (0.3.4)
    rack (1.3.5)
    rack-test (0.6.1)
      rack (>= 1.0)
    rake (0.9.2.2)
    rb-fsevent (0.4.3.1)
    rspec (2.7.0)
      rspec-core (~> 2.7.0)
      rspec-expectations (~> 2.7.0)
      rspec-mocks (~> 2.7.0)
    rspec-core (2.7.1)
    rspec-expectations (2.7.0)
      diff-lcs (~> 1.1.2)
    rspec-mocks (2.7.0)
    rspec-puppet (0.1.0)
      rspec
    sahara (0.0.8)
      popen4 (~> 0.1.2)
      thor (~> 0.14.6)
      vagrant (~> 0.8.2)
    templater (1.0.0)
      diff-lcs (>= 1.1.2)
      extlib (>= 0.9.5)
      highline (>= 1.4.0)
    term-ansicolor (1.0.7)
    thor (0.14.6)
    vagrant (0.8.10)
      archive-tar-minitar (= 0.5.2)
      erubis (~> 2.7.0)
      i18n (~> 0.6.0)
      json (~> 1.5.1)
      net-scp (~> 1.0.4)
      net-ssh (~> 2.1.4)
      thor (~> 0.14.6)
      virtualbox (~> 0.9.1)
    veewee (0.2.1)
      cucumber (~> 1.0.2)
      highline (~> 1.6.1)
      net-ssh (~> 2.1.0)
      popen4 (~> 0.1.2)
      progressbar
      rspec (~> 2.5)
      thor (~> 0.14.6)
      vagrant (~> 0.8.2)
    virtualbox (0.9.2)
      ffi (~> 1.0.9)
    webrat (0.7.2)
      nokogiri (>= 1.2.0)
      rack (>= 1.0)
      rack-test (>= 0.5.3)

PLATFORMS
  ruby

DEPENDENCIES
  cucumber (~> 1.0.2)
  cucumber-nagios
  cucumber-puppet
  growl
  guard
  guard-cucumber
  guard-rspec
  guard-shell
  puppet
  puppet-lint
  puppet-module
  rake
  rb-fsevent
  rspec
  rspec-puppet
  sahara
  vagrant (~> 0.8)
  veewee
